GEM
  remote: https://rubygems.org/
  specs:
    puma (3.6.2)
    rack (2.0.1)
    slim (3.0.6)
      temple (~> 0.7.3)
      tilt (>= 1.3.3, < 2.1)
    temple (0.7.6)
    tilt (2.0.2)

PLATFORMS
  ruby

DEPENDENCIES
  puma
  rack
  slim

BUNDLED WITH
   1.11.2
